GEM
  specs:

PLATFORMS
  arm64-darwin-22

DEPENDENCIES

BUNDLED WITH
   2.4.1
